GEM
  remote: http://rubygems.org/
  specs:
    colorize (1.1.0)
    cpf_cnpj (0.5.0)
    date (3.3.4)
    ffi (1.16.3)
    httparty (0.21.0)
      mini_mime (>= 1.0.0)
      multi_xml (>= 0.5.2)
    mini_mime (1.1.5)
    multi_xml (0.6.0)
    nokogiri (1.16.0-x86_64-linux)
      racc (~> 1.4)
    os (1.1.4)
    pastel (0.8.0)
      tty-color (~> 0.5)
    racc (1.7.3)
    strings (0.2.1)
      strings-ansi (~> 0.2)
      unicode-display_width (>= 1.5, < 3.0)
      unicode_utils (~> 1.4)
    strings-ansi (0.2.0)
    tty-box (0.7.0)
      pastel (~> 0.8)
      strings (~> 0.2.0)
      tty-cursor (~> 0.7)
    tty-color (0.6.0)
    tty-cursor (0.7.1)
    tty-spinner (0.9.3)
      tty-cursor (~> 0.7)
    unicode-display_width (2.5.0)
    unicode_utils (1.4.0)
    win32-sound (0.6.2)
      ffi

PLATFORMS
  x86_64-linux

DEPENDENCIES
  colorize
  cpf_cnpj
  date
  httparty
  nokogiri
  os
  tty-box
  tty-spinner
  win32-sound

BUNDLED WITH
   2.4.22
