GEM
  remote: http://rubygems.org/
  specs:
    cpf_cnpj (0.5.0)
    date (3.3.4)
    os (1.1.4)

PLATFORMS
  x86_64-linux

DEPENDENCIES
  cpf_cnpj
  date
  os

BUNDLED WITH
   2.4.22
