GEM
  remote: http://rubygems.org/
  specs:
    date (3.3.4)
    os (1.1.4)

PLATFORMS
  x86_64-linux

DEPENDENCIES
  date
  os

BUNDLED WITH
   2.4.22
